GEM
  specs:
    addressable (2.3.8)
    json (1.8.1)
    mime-types (1.25.1)
    minitest (4.7.5)
    rest-client (1.6.9)
      mime-types (~> 1.16)
    unirest (1.1.2)
      addressable (~> 2.3.5)
      json (~> 1.8.1)
      rest-client (~> 1.6.7)

PLATFORMS
  ruby

DEPENDENCIES
  minitest
  unirest

BUNDLED WITH
   1.12.5
