GEM
  remote: https://rubygems.org/
  specs:
    addressable (2.3.8)
    ansi (1.5.0)
    builder (3.2.2)
    json (1.8.3)
    mime-types (1.25.1)
    minitest (5.9.0)
    minitest-reporters (1.1.9)
      ansi
      builder
      minitest (>= 5.0)
      ruby-progressbar
    rake (11.2.2)
    rest-client (1.6.9)
      mime-types (~> 1.16)
    ruby-progressbar (1.8.1)
    unirest (1.1.2)
      addressable (~> 2.3.5)
      json (~> 1.8.1)
      rest-client (~> 1.6.7)

PLATFORMS
  ruby

DEPENDENCIES
  minitest
  minitest-reporters
  rake
  unirest

BUNDLED WITH
   1.12.5
